PATH
  remote: .
  specs:
    debug_inspector (0.0.3)

GEM
  remote: https://rubygems.org/
  specs:
    minitest (5.14.0)
    rake (13.0.1)

PLATFORMS
  ruby

DEPENDENCIES
  debug_inspector!
  minitest (>= 5)
  rake

BUNDLED WITH
   2.1.2
